PATH
  remote: .
  specs:
    lumberjack_json_device (1.0.0)
      lumberjack (>= 2.0)
      multi_json

GEM
  remote: https://rubygems.org/
  specs:
    appraisal (2.2.0)
      bundler
      rake
      thor (>= 0.14.0)
    diff-lcs (1.3)
    lumberjack (2.0.0)
    multi_json (1.13.1)
    rake (13.0.0)
    rspec (3.8.0)
      rspec-core (~> 3.8.0)
      rspec-expectations (~> 3.8.0)
      rspec-mocks (~> 3.8.0)
    rspec-core (3.8.2)
      rspec-support (~> 3.8.0)
    rspec-expectations (3.8.4)
      diff-lcs (>= 1.2.0, < 2.0)
      rspec-support (~> 3.8.0)
    rspec-mocks (3.8.1)
      diff-lcs (>= 1.2.0, < 2.0)
      rspec-support (~> 3.8.0)
    rspec-support (3.8.2)
    thor (1.0.1)

PLATFORMS
  ruby

DEPENDENCIES
  appraisal
  lumberjack_json_device!
  rake
  rspec (~> 3.0)

BUNDLED WITH
   2.0.2
